GEM
  remote: https://rubygems.org/
  specs:
    POpen4 (0.1.4)
      Platform (>= 0.4.0)
      open4
    Platform (0.4.0)
    RedCloth (4.2.9)
    archive-tar-minitar (0.5.2)
    awestruct (0.5.0)
      bootstrap-sass (~> 2.3.1.0)
      compass (~> 0.12.1)
      compass-960-plugin (~> 0.10.4)
      git (~> 1.2.5)
      haml (~> 4.0.1)
      json (~> 1.7.7)
      listen (~> 0.7.3)
      nokogiri (~> 1.5.6)
      rack (~> 1.5.2)
      rest-client (~> 1.6.7)
      ruby-s3cmd (~> 0.1.5)
      tilt (~> 1.3.6)
    bootstrap-sass (2.3.1.3)
      sass (~> 3.2)
    chunky_png (1.2.8)
    coffee-script (2.2.0)
      coffee-script-source
      execjs
    coffee-script-source (1.6.3)
    commander (4.1.5)
      highline (~> 1.6.11)
    compass (0.12.2)
      chunky_png (~> 1.2)
      fssm (>= 0.2.7)
      sass (~> 3.1)
    compass-960-plugin (0.10.4)
      compass (>= 0.10.0)
    execjs (2.0.1)
    ffi (1.9.0)
    fssm (0.2.10)
    git (1.2.6)
    haml (4.0.1)
      tilt
    highline (1.6.19)
    htmlcompressor (0.0.7)
      yui-compressor (~> 0.9.6)
    json (1.7.7)
    libv8 (3.3.10.4)
    listen (0.7.3)
    mime-types (1.25)
    multi_json (1.8.0)
    net-ssh (2.7.0)
    nokogiri (1.5.10)
    open4 (1.3.0)
    rack (1.5.2)
    rb-fsevent (0.9.3)
    rb-inotify (0.9.0)
      ffi (>= 0.5.0)
    redcarpet (3.0.0)
    rest-client (1.6.7)
      mime-types (>= 1.16)
    rhc (0.96.9)
      archive-tar-minitar
      commander (>= 4.0)
      highline (>= 1.5.1)
      net-ssh
      rest-client (>= 1.6)
      test-unit
    ruby-s3cmd (0.1.5)
    rubypants (0.2.0)
    sass (3.2.10)
    test-unit (2.5.5)
    therubyracer (0.10.1)
      libv8 (~> 3.3.10)
    tilt (1.3.7)
    uglifier (2.2.1)
      execjs (>= 0.3.0)
      multi_json (~> 1.0, >= 1.0.2)
    vpim (0.695)
    webrick (1.3.1)
    yui-compressor (0.9.6)
      POpen4 (>= 0.1.4)

PLATFORMS
  ruby

DEPENDENCIES
  RedCloth (= 4.2.9)
  archive-tar-minitar (= 0.5.2)
  awestruct (= 0.5.0)
  coffee-script
  haml (= 4.0.1)
  htmlcompressor
  rb-fsevent (~> 0.9)
  rb-inotify (= 0.9)
  redcarpet (= 3.0.0)
  rhc (= 0.96.9)
  rubypants (= 0.2.0)
  therubyracer (= 0.10.1)
  therubyrhino (~> 2.0.2)
  uglifier
  vpim (= 0.695)
  webrick
